PATH
  remote: .
  specs:
    gitlab_health_checker (0.1.0)
      HttpPing
      safe_yaml
      thor

GEM
  remote: https://rubygems.org/
  specs:
    HttpPing (0.1.0)
      thor
    diff-lcs (1.3)
    rake (10.5.0)
    rspec (3.7.0)
      rspec-core (~> 3.7.0)
      rspec-expectations (~> 3.7.0)
      rspec-mocks (~> 3.7.0)
    rspec-core (3.7.1)
      rspec-support (~> 3.7.0)
    rspec-expectations (3.7.0)
      diff-lcs (>= 1.2.0, < 2.0)
      rspec-support (~> 3.7.0)
    rspec-mocks (3.7.0)
      diff-lcs (>= 1.2.0, < 2.0)
      rspec-support (~> 3.7.0)
    rspec-support (3.7.1)
    safe_yaml (1.0.4)
    thor (0.20.0)

PLATFORMS
  ruby

DEPENDENCIES
  bundler (~> 1.16)
  gitlab_health_checker!
  rake (~> 10.0)
  rspec (~> 3.0)

BUNDLED WITH
   1.16.1
